GEM
  remote: http://rubygems.org/
  specs:
    ark-ruby (0.1.1)
      faraday (~> 0.12.2)
      faraday_middleware (~> 0.12.2)
    faraday (0.12.2)
      multipart-post (>= 1.2, < 3)
    faraday_middleware (0.12.2)
      faraday (>= 0.7.4, < 1.0)
    multipart-post (2.0.0)

PLATFORMS
  ruby

DEPENDENCIES
  ark-ruby

BUNDLED WITH
   1.16.0
